GEM
  remote: http://rubygems.org/
  specs:
    closure-compiler (1.1.4)
    hike (1.2.1)
    rack (1.4.0)
    sprockets (2.1.2)
      hike (~> 1.2)
      rack (~> 1.0)
      tilt (~> 1.1, != 1.3.0)
    tilt (1.3.3)

PLATFORMS
  ruby

DEPENDENCIES
  closure-compiler
  sprockets
